PATH
  remote: .
  specs:
    tiny_obj (0.2.5)

GEM
  remote: https://rubygems.org/
  specs:
    minitest (5.11.3)
    rake (13.0.1)
    rake-compiler (1.0.5)
      rake

PLATFORMS
  ruby

DEPENDENCIES
  bundler (~> 2.1.0)
  minitest (~> 5.0)
  rake (~> 13.0)
  rake-compiler
  tiny_obj!

BUNDLED WITH
   2.1.0
